GEM
  remote: https://rubygems.org/
  specs:
    r2 (0.2.5)

PLATFORMS
  ruby

DEPENDENCIES
  r2 (~> 0.2.5)
